GEM
  remote: https://rubygems.org/
  specs:
    rb-readline (0.5.4)

PLATFORMS
  ruby

DEPENDENCIES
  rb-readline

BUNDLED WITH
   1.14.6
